GEM
  specs:
    docker-api (1.21.4)
      excon (>= 0.38.0)
      json
    excon (0.45.3)
    json (1.8.1)

PLATFORMS
  ruby

DEPENDENCIES
  docker-api

BUNDLED WITH
   1.10.3
